GEM
  remote: https://rubygems.org/
  specs:
    clearbit (0.3.2)
      nestful (~> 1.1.0)
    coderay (1.1.3)
    httparty (0.18.1)
      mime-types (~> 3.0)
      multi_xml (>= 0.5.2)
    method_source (1.0.0)
    mime-types (3.3.1)
      mime-types-data (~> 3.2015)
    mime-types-data (3.2020.0512)
    multi_xml (0.6.0)
    nestful (1.1.4)
    pry (0.13.1)
      coderay (~> 1.1)
      method_source (~> 1.0)

PLATFORMS
  ruby

DEPENDENCIES
  clearbit
  httparty
  pry

BUNDLED WITH
   2.1.4
